GIT
  remote: git://github.com/derekprior/momentjs-rails.git
  revision: 85334f46df85cccb4c8fbaf07f0757f57801b9a9
  specs:
    momentjs-rails (2.10.3)
      railties (>= 3.1)

GIT
  remote: git://github.com/galetahub/ckeditor.git
  revision: eccdecd24bd2a0e4e9c32e919f53737e6e2911c2
  specs:
    ckeditor (4.1.2)
      cocaine
      orm_adapter (~> 0.5.0)

GIT
  remote: git://github.com/nitinstp23/foursquare2.git
  revision: 2cf6d21edf37e64eea9505b3d57ecb664af4fbf2
  branch: gemspec_fix
  specs:
    foursquare2 (2.0.1)
      faraday (~> 0.8)
      faraday_middleware (>= 0.8)
      hashie (>= 1.0, < 4.0.0)

GIT
  remote: git://github.com/rails/actionform.git
  revision: 41ec958375ce6eb0df45a7623541dcd72aea773e
  ref: 41ec958
  specs:
    active_form (0.0.1)
      rails (~> 4.1)

GIT
  remote: git://github.com/ulmic/tconsole.git
  revision: daccf66423f2c2d222b27cced463762e08de56b6
  branch: rails4
  specs:
    tconsole (2.2.0.pre)
      ansi
      chattyproc (~> 1.0.0)
      term-ansicolor (~> 1.0.7)

GIT
  remote: git://github.com/zurb/foundation-rails.git
  revision: a709f2e60f8428c979397cbaedc19077be1a8cf5
  specs:
    foundation-rails (5.5.2.1)
      railties (>= 3.1.0)
      sass (>= 3.3.0, < 3.5)

GIT
  remote: https://github.com/fnando/i18n-js
  revision: 04db90db9df2b13b79f8f9446dd73d9fef5da3c3
  specs:
    i18n-js (3.0.0.rc11)
      i18n (~> 0.6)

GIT
  remote: https://github.com/seuros/state_machine.git
  revision: b5baef856b170f18dc2fdc36def2411c255335b9
  specs:
    state_machine (1.2.0)

GEM
  remote: https://rubygems.org/
  specs:
    actionmailer (4.2.1)
      actionpack (= 4.2.1)
      actionview (= 4.2.1)
      activejob (= 4.2.1)
      mail (~> 2.5, >= 2.5.4)
      rails-dom-testing (~> 1.0, >= 1.0.5)
    actionpack (4.2.1)
      actionview (= 4.2.1)
      activesupport (= 4.2.1)
      rack (~> 1.6)
      rack-test (~> 0.6.2)
      rails-dom-testing (~> 1.0, >= 1.0.5)
      rails-html-sanitizer (~> 1.0, >= 1.0.1)
    actionview (4.2.1)
      activesupport (= 4.2.1)
      builder (~> 3.1)
      erubis (~> 2.7.0)
      rails-dom-testing (~> 1.0, >= 1.0.5)
      rails-html-sanitizer (~> 1.0, >= 1.0.1)
    activejob (4.2.1)
      activesupport (= 4.2.1)
      globalid (>= 0.3.0)
    activemodel (4.2.1)
      activesupport (= 4.2.1)
      builder (~> 3.1)
    activerecord (4.2.1)
      activemodel (= 4.2.1)
      activesupport (= 4.2.1)
      arel (~> 6.0)
    activesupport (4.2.1)
      i18n (~> 0.7)
      json (~> 1.7, >= 1.7.7)
      minitest (~> 5.1)
      thread_safe (~> 0.3, >= 0.3.4)
      tzinfo (~> 1.1)
    ansi (1.5.0)
    arel (6.0.0)
    authority (3.0.0)
      activesupport (>= 3.0.0)
      rake (>= 0.8.7)
    autoprefixer-rails (5.2.1)
      execjs
      json
    awesome_print (1.6.1)
    bcrypt (3.1.10)
    better_errors (2.1.1)
      coderay (>= 1.0.0)
      erubis (>= 2.6.6)
      rack (>= 0.9.0)
    binding_of_caller (0.7.2)
      debug_inspector (>= 0.0.1)
    bootstrap-kaminari-views (0.0.5)
      kaminari (>= 0.13)
      rails (>= 3.1)
    bootstrap-sass (3.3.5.1)
      autoprefixer-rails (>= 5.0.0.1)
      sass (>= 3.3.0)
    bootstrap_glyphicons-rails (0.0.3)
      rails (> 3.1)
    builder (3.2.2)
    byebug (4.0.5)
      columnize (= 0.9.0)
    capistrano (3.4.0)
      i18n
      rake (>= 10.0.0)
      sshkit (~> 1.3)
    capistrano-bundler (1.1.4)
      capistrano (~> 3.1)
      sshkit (~> 1.2)
    capistrano-faster-assets (1.0.2)
      capistrano (>= 3.1)
    capistrano-rails (1.1.3)
      capistrano (~> 3.1)
      capistrano-bundler (~> 1.1)
    capistrano-rails-collection (0.0.3)
      capistrano-rails (~> 1.1.0)
    capistrano-rails-console (0.5.2)
      capistrano (>= 3.0.0, < 4.0.0)
    capistrano-rails-tail-log (0.0.1)
      capistrano (>= 3.0)
      capistrano-rails
    capistrano-rvm (0.1.2)
      capistrano (~> 3.0)
      sshkit (~> 1.2)
    capistrano-sidekiq (0.5.3)
      capistrano
      sidekiq
    capistrano-ssh-doctor (1.0.0)
      capistrano (>= 3.1)
    capistrano3-unicorn (0.2.1)
      capistrano (~> 3.1, >= 3.1.0)
    carrierwave (0.10.0)
      activemodel (>= 3.2.0)
      activesupport (>= 3.2.0)
      json (>= 1.7)
      mime-types (>= 1.16)
    celluloid (0.16.0)
      timers (~> 4.0.0)
    chattyproc (1.0.0)
    climate_control (0.0.3)
      activesupport (>= 3.0)
    cocaine (0.5.7)
      climate_control (>= 0.0.3, < 1.0)
    coderay (1.1.0)
    coffee-rails (4.1.0)
      coffee-script (>= 2.2.0)
      railties (>= 4.0.0, < 5.0)
    coffee-script (2.4.1)
      coffee-script-source
      execjs
    coffee-script-source (1.9.1.1)
    colorize (0.6.0)
    columnize (0.9.0)
    configus (0.0.5)
    connection_pool (2.2.0)
    coveralls (0.7.1)
      multi_json (~> 1.3)
      rest-client
      simplecov (>= 0.7)
      term-ansicolor
      thor
    debug_inspector (0.0.2)
    docile (1.1.5)
    domain_name (0.5.24)
      unf (>= 0.0.5, < 1.0.0)
    draper (2.1.0)
      actionpack (>= 3.0)
      activemodel (>= 3.0)
      activesupport (>= 3.0)
      request_store (~> 1.0)
    em-websocket (0.5.1)
      eventmachine (>= 0.12.9)
      http_parser.rb (~> 0.6.0)
    enumerize (0.11.0)
      activesupport (>= 3.2)
    erubis (2.7.0)
    eventmachine (1.0.7)
    execjs (2.5.2)
    factory_girl (4.5.0)
      activesupport (>= 3.0.0)
    factory_girl_rails (4.5.0)
      factory_girl (~> 4.5.0)
      railties (>= 3.0.0)
    faraday (0.9.1)
      multipart-post (>= 1.2, < 3)
    faraday_middleware (0.10.0)
      faraday (>= 0.7.4, < 0.10)
    ffi (1.9.10)
    font-awesome-rails (4.3.0.0)
      railties (>= 3.2, < 5.0)
    foreman (0.78.0)
      thor (~> 0.19.1)
    formatador (0.2.5)
    globalid (0.3.5)
      activesupport (>= 4.1.0)
    guard (2.12.8)
      formatador (>= 0.2.4)
      listen (>= 2.7, <= 4.0)
      lumberjack (~> 1.0)
      nenv (~> 0.1)
      notiffany (~> 0.0)
      pry (>= 0.9.12)
      shellany (~> 0.0)
      thor (>= 0.18.1)
    guard-livereload (2.4.0)
      em-websocket (~> 0.5)
      guard (~> 2.8)
      multi_json (~> 1.8)
    haml (4.0.6)
      tilt
    haml-rails (0.9.0)
      actionpack (>= 4.0.1)
      activesupport (>= 4.0.1)
      haml (>= 4.0.6, < 5.0)
      html2haml (>= 1.0.1)
      railties (>= 4.0.1)
    hashie (3.4.2)
    hitimes (1.2.2)
    html2haml (2.0.0)
      erubis (~> 2.7.0)
      haml (~> 4.0.0)
      nokogiri (~> 1.6.0)
      ruby_parser (~> 3.5)
    http-cookie (1.0.2)
      domain_name (~> 0.5)
    http_parser.rb (0.6.0)
    i18n (0.7.0)
    jasny_bootstrap_extension_rails (0.0.1)
    jbuilder (2.3.1)
      activesupport (>= 3.0.0, < 5)
      multi_json (~> 1.2)
    jquery-rails (4.0.4)
      rails-dom-testing (~> 1.0)
      railties (>= 4.2.0)
      thor (>= 0.14, < 2.0)
    jquery-ui-rails (5.0.5)
      railties (>= 3.2.16)
    js-routes (1.0.1)
      railties (>= 3.2)
      sprockets-rails
    json (1.8.3)
    jwt (1.5.1)
    kaminari (0.16.3)
      actionpack (>= 3.0.0)
      activesupport (>= 3.0.0)
    kgio (2.9.3)
    libv8 (3.16.14.7)
    listen (3.0.2)
      rb-fsevent (>= 0.9.3)
      rb-inotify (>= 0.9)
    loofah (2.0.2)
      nokogiri (>= 1.5.9)
    lumberjack (1.0.9)
    mail (2.6.3)
      mime-types (>= 1.16, < 3)
    method_source (0.8.2)
    mime-types (2.6.1)
    mini_magick (4.2.7)
    mini_portile (0.6.2)
    minitest (5.7.0)
    multi_json (1.11.2)
    multi_xml (0.5.5)
    multipart-post (2.0.0)
    mysql2 (0.3.18)
    nenv (0.2.0)
    net-scp (1.2.1)
      net-ssh (>= 2.6.5)
    net-ssh (2.9.2)
    netrc (0.10.3)
    nokogiri (1.6.6.2)
      mini_portile (~> 0.6.0)
    notiffany (0.0.6)
      nenv (~> 0.1)
      shellany (~> 0.0)
    oauth (0.4.7)
    oauth2 (1.0.0)
      faraday (>= 0.8, < 0.10)
      jwt (~> 1.0)
      multi_json (~> 1.3)
      multi_xml (~> 0.5)
      rack (~> 1.2)
    omniauth (1.2.2)
      hashie (>= 1.2, < 4)
      rack (~> 1.0)
    omniauth-facebook (2.0.1)
      omniauth-oauth2 (~> 1.2)
    omniauth-google-oauth2 (0.2.6)
      omniauth (> 1.0)
      omniauth-oauth2 (~> 1.1)
    omniauth-oauth (1.1.0)
      oauth
      omniauth (~> 1.0)
    omniauth-oauth2 (1.3.1)
      oauth2 (~> 1.0)
      omniauth (~> 1.2)
    omniauth-twitter (1.2.0)
      json (~> 1.3)
      omniauth-oauth (~> 1.1)
    omniauth-vkontakte (1.3.3)
      multi_json
      omniauth (~> 1.0)
      omniauth-oauth2 (~> 1.1)
    orm_adapter (0.5.0)
    pg (0.18.2)
    pry (0.10.1)
      coderay (~> 1.1.0)
      method_source (~> 0.8.1)
      slop (~> 3.4)
    pry-byebug (3.1.0)
      byebug (~> 4.0)
      pry (~> 0.10)
    pry-rails (0.3.4)
      pry (>= 0.9.10)
    quiet_assets (1.1.0)
      railties (>= 3.1, < 5.0)
    rack (1.6.4)
    rack-livereload (0.3.16)
      rack
    rack-protection (1.5.3)
      rack
    rack-test (0.6.3)
      rack (>= 1.0)
    railroady (1.3.0)
    rails (4.2.1)
      actionmailer (= 4.2.1)
      actionpack (= 4.2.1)
      actionview (= 4.2.1)
      activejob (= 4.2.1)
      activemodel (= 4.2.1)
      activerecord (= 4.2.1)
      activesupport (= 4.2.1)
      bundler (>= 1.3.0, < 2.0)
      railties (= 4.2.1)
      sprockets-rails
    rails-deprecated_sanitizer (1.0.3)
      activesupport (>= 4.2.0.alpha)
    rails-dom-testing (1.0.6)
      activesupport (>= 4.2.0.beta, < 5.0)
      nokogiri (~> 1.6.0)
      rails-deprecated_sanitizer (>= 1.0.1)
    rails-html-sanitizer (1.0.2)
      loofah (~> 2.0)
    railties (4.2.1)
      actionpack (= 4.2.1)
      activesupport (= 4.2.1)
      rake (>= 0.8.7)
      thor (>= 0.18.1, < 2.0)
    raindrops (0.14.0)
    rake (10.4.2)
    rb-fsevent (0.9.5)
    rb-inotify (0.9.5)
      ffi (>= 0.5.0)
    rdoc (4.2.0)
      json (~> 1.4)
    redis (3.2.1)
    redis-namespace (1.5.2)
      redis (~> 3.0, >= 3.0.4)
    ref (1.0.5)
    request_store (1.1.0)
    rest-client (1.8.0)
      http-cookie (>= 1.0.2, < 2.0)
      mime-types (>= 1.16, < 3.0)
      netrc (~> 0.7)
    rmagick (2.15.2)
    ruby_parser (3.7.0)
      sexp_processor (~> 4.1)
    russia_regions (0.0.3)
    russian (0.6.0)
      i18n (>= 0.5.0)
    russian_sex (0.0.1)
      unicode_utils (>= 1.4.0)
    rvm-capistrano (1.5.0)
      capistrano (>= 2.15.4)
    sass (3.4.15)
    sass-rails (5.0.3)
      railties (>= 4.0.0, < 5.0)
      sass (~> 3.1)
      sprockets (>= 2.8, < 4.0)
      sprockets-rails (>= 2.0, < 4.0)
      tilt (~> 1.1)
    sdoc (0.4.1)
      json (~> 1.7, >= 1.7.7)
      rdoc (~> 4.0)
    select2-rails (3.5.9.3)
      thor (~> 0.14)
    sexp_processor (4.6.0)
    shellany (0.0.1)
    sidekiq (3.4.1)
      celluloid (~> 0.16.0)
      connection_pool (>= 2.1.1)
      json
      redis (>= 3.0.6)
      redis-namespace (>= 1.3.1)
    simple_form (3.1.0)
      actionpack (~> 4.0)
      activemodel (~> 4.0)
    simplecov (0.10.0)
      docile (~> 1.1.0)
      json (~> 1.8)
      simplecov-html (~> 0.10.0)
    simplecov-html (0.10.0)
    sinatra (1.4.6)
      rack (~> 1.4)
      rack-protection (~> 1.4)
      tilt (>= 1.3, < 3)
    slop (3.6.0)
    sprockets (3.2.0)
      rack (~> 1.0)
    sprockets-rails (2.3.2)
      actionpack (>= 3.0)
      activesupport (>= 3.0)
      sprockets (>= 2.8, < 4.0)
    sshkit (1.5.1)
      colorize
      net-scp (>= 1.1.2)
      net-ssh (>= 2.8.0)
    term-ansicolor (1.0.7)
    therubyracer (0.12.2)
      libv8 (~> 3.16.14.0)
      ref
    thor (0.19.1)
    thread_safe (0.3.5)
    tilt (1.4.1)
    timers (4.0.1)
      hitimes
    tzinfo (1.2.2)
      thread_safe (~> 0.1)
    uglifier (2.7.1)
      execjs (>= 0.3.0)
      json (>= 1.8.0)
    unf (0.1.4)
      unf_ext
    unf_ext (0.0.7.1)
    unicode_utils (1.4.0)
    unicorn (4.9.0)
      kgio (~> 2.6)
      rack
      raindrops (~> 0.7)
    unicorn-rails (2.2.0)
      rack
      unicorn
    validates (1.0.0)
      activemodel (>= 3.0.0)
      activesupport (>= 3.0.0)
    web-console (2.0.0.beta2)
      activemodel (~> 4.0)
      binding_of_caller
      railties (~> 4.0)
      sprockets-rails (>= 2.0, < 4.0)

PLATFORMS
  ruby

DEPENDENCIES
  active_form!
  authority
  autoprefixer-rails
  awesome_print
  bcrypt (~> 3.1.7)
  better_errors
  bootstrap-kaminari-views
  bootstrap-sass
  bootstrap_glyphicons-rails
  byebug
  capistrano
  capistrano-bundler
  capistrano-faster-assets (~> 1.0)
  capistrano-rails (= 1.1.3)
  capistrano-rails-collection
  capistrano-rails-console
  capistrano-rails-tail-log
  capistrano-rvm
  capistrano-sidekiq
  capistrano-ssh-doctor (~> 1.0)
  capistrano3-unicorn
  carrierwave
  ckeditor!
  coffee-rails (~> 4.1.0)
  colorize (= 0.6.0)
  configus
  coveralls
  draper
  enumerize
  factory_girl_rails
  font-awesome-rails
  foreman
  foundation-rails!
  foursquare2!
  guard-livereload (~> 2.4)
  haml-rails
  i18n-js!
  jasny_bootstrap_extension_rails
  jbuilder (~> 2.0)
  jquery-rails
  jquery-ui-rails
  js-routes
  kaminari
  libv8 (= 3.16.14.7)
  mini_magick
  momentjs-rails (>= 2.9)!
  mysql2
  omniauth-facebook
  omniauth-google-oauth2
  omniauth-twitter
  omniauth-vkontakte
  pg
  pry-byebug
  pry-rails
  quiet_assets
  rack-livereload
  railroady
  rails (= 4.2.1)
  rmagick
  russia_regions
  russian
  russian_sex
  rvm-capistrano
  sass-rails (~> 5.0)
  sdoc (~> 0.4.0)
  select2-rails
  sidekiq
  simple_form
  simplecov
  sinatra (>= 1.3.0)
  state_machine!
  tconsole!
  therubyracer
  uglifier (>= 1.3.0)
  unicorn-rails
  validates
  web-console (= 2.0.0.beta2)
